GEM
  remote: https://rubygems.org/
  specs:
    active_support (3.0.0)
      activesupport (= 3.0.0)
    activemodel (3.0.0)
      activesupport (= 3.0.0)
      builder (~> 2.1.2)
      i18n (~> 0.4.1)
    activesupport (3.0.0)
    blockenspiel (0.4.5)
    bson (1.9.2)
    builder (2.1.2)
    i18n (0.4.2)
    iso_country_codes (0.4.2)
    minitest (5.0.8)
    mongo (1.9.2)
      bson (~> 1.9.2)
    mongoid (2.2.6)
      activemodel (~> 3.0.0)
      mongo (~> 1.3)
      tzinfo (~> 0.3.22)
    newrelic_rpm (3.6.9.171)
    rack (1.5.2)
    rack-protection (1.5.1)
      rack
    rake (10.1.0)
    sinatra (1.4.4)
      rack (~> 1.4)
      rack-protection (~> 1.4)
      tilt (~> 1.3, >= 1.3.4)
    tilt (1.4.1)
    tzinfo (0.3.38)
    versionomy (0.4.4)
      blockenspiel (>= 0.4.5)

PLATFORMS
  x86-mingw32

DEPENDENCIES
  active_support
  iso_country_codes
  minitest
  mongoid
  newrelic_rpm
  rake
  sinatra
  versionomy
