GEM
  remote: https://rubygems.org/
  specs:
    activemodel (3.2.16)
      activesupport (= 3.2.16)
      builder (~> 3.0.0)
    activesupport (3.2.16)
      i18n (~> 0.6, >= 0.6.4)
      multi_json (~> 1.0)
    blockenspiel (0.4.5)
    builder (3.0.4)
    coveralls (0.7.0)
      multi_json (~> 1.3)
      rest-client
      simplecov (>= 0.7)
      term-ansicolor
      thor
    docile (1.1.3)
    factory_girl (4.4.0)
      activesupport (>= 3.0.0)
    geocoder (1.1.9)
    i18n (0.6.9)
    iso_country_codes (0.4.2)
    mime-types (2.1)
    minitest (5.2.3)
    mongoid (3.1.6)
      activemodel (~> 3.2)
      moped (~> 1.4)
      origin (~> 1.0)
      tzinfo (~> 0.3.29)
    moped (1.5.2)
    multi_json (1.8.4)
    newrelic_rpm (3.7.2.192)
    origin (1.1.0)
    rack (1.5.2)
    rack-protection (1.5.2)
      rack
    rake (10.1.1)
    rest-client (1.6.7)
      mime-types (>= 1.16)
    simple-navigation (3.11.0)
      activesupport (>= 2.3.2)
    simplecov (0.8.2)
      docile (~> 1.1.0)
      multi_json
      simplecov-html (~> 0.8.0)
    simplecov-html (0.8.0)
    sinatra (1.4.4)
      rack (~> 1.4)
      rack-protection (~> 1.4)
      tilt (~> 1.3, >= 1.3.4)
    sinatra-simple-navigation (3.6.0)
      simple-navigation (>= 3.10.1)
    term-ansicolor (1.3.0)
      tins (~> 1.0)
    thor (0.18.1)
    tilt (1.4.1)
    tins (1.0.0)
    tzinfo (0.3.38)
    versionomy (0.4.4)
      blockenspiel (>= 0.4.5)

PLATFORMS
  x86-mingw32

DEPENDENCIES
  activesupport
  coveralls
  factory_girl
  geocoder
  iso_country_codes
  minitest
  mongoid (>= 3.0)
  newrelic_rpm
  rake
  sinatra
  sinatra-simple-navigation
  versionomy
