GEM
  remote: https://rubygems.org/
  specs:
    activemodel (3.2.16)
      activesupport (= 3.2.16)
      builder (~> 3.0.0)
    activesupport (3.2.16)
      i18n (~> 0.6, >= 0.6.4)
      multi_json (~> 1.0)
    blockenspiel (0.4.5)
    builder (3.0.4)
    i18n (0.6.9)
    iso_country_codes (0.4.2)
    minitest (4.7.5)
    mongoid (3.1.6)
      activemodel (~> 3.2)
      moped (~> 1.4)
      origin (~> 1.0)
      tzinfo (~> 0.3.29)
    moped (1.5.1)
    multi_json (1.8.2)
    newrelic_rpm (3.6.9.171)
    origin (1.1.0)
    rack (1.5.2)
    rack-protection (1.5.1)
      rack
    rake (10.1.0)
    simple-navigation (3.11.0)
      activesupport (>= 2.3.2)
    sinatra (1.4.4)
      rack (~> 1.4)
      rack-protection (~> 1.4)
      tilt (~> 1.3, >= 1.3.4)
    sinatra-simple-navigation (3.6.0)
      simple-navigation (>= 3.10.1)
    tilt (1.4.1)
    tzinfo (0.3.38)
    versionomy (0.4.4)
      blockenspiel (>= 0.4.5)

PLATFORMS
  x86-mingw32

DEPENDENCIES
  activesupport
  iso_country_codes
  minitest (~> 4.7)
  mongoid (>= 3.0)
  newrelic_rpm
  rake
  sinatra
  sinatra-simple-navigation
  versionomy
